GEM
  remote: http://rubygems.org/
  specs:
    activemodel (3.0.3)
      activesupport (= 3.0.3)
      builder (~> 2.1.2)
      i18n (~> 0.4)
    activerecord (3.0.3)
      activemodel (= 3.0.3)
      activesupport (= 3.0.3)
      arel (~> 2.0.2)
      tzinfo (~> 0.3.23)
    activesupport (3.0.3)
    arel (2.0.4)
    builder (2.1.2)
    haml (3.0.23)
    i18n (0.4.2)
    rack (1.2.1)
    sinatra (1.0)
      rack (>= 1.0)
    tzinfo (0.3.23)

PLATFORMS
  java

DEPENDENCIES
  activerecord
  haml
  sinatra (= 1.0)
