GEM
  remote: http://rubygems.org/
  specs:
    haml (3.0.23)
    rack (1.2.1)
    sinatra (1.0)
      rack (>= 1.0)

PLATFORMS
  java

DEPENDENCIES
  haml
  sinatra (= 1.0)
