GEM
  remote: http://rubygems.org/
  specs:
    addressable (2.2.2)
    data_objects (0.10.2)
      addressable (~> 2.1)
    dm-core (1.0.2)
      addressable (~> 2.2)
      extlib (~> 0.9.15)
    dm-do-adapter (1.0.2)
      data_objects (~> 0.10.2)
      dm-core (~> 1.0.2)
    dm-migrations (1.0.2)
      dm-core (~> 1.0.2)
    dm-sqlite-adapter (1.0.2)
      dm-do-adapter (~> 1.0.2)
      do_sqlite3 (~> 0.10.2)
    do_jdbc (0.10.2-java)
      data_objects (= 0.10.2)
    do_sqlite3 (0.10.2)
      data_objects (= 0.10.2)
    do_sqlite3 (0.10.2-java)
      data_objects (= 0.10.2)
      do_jdbc (= 0.10.2)
      jdbc-sqlite3 (>= 3.5.8)
    extlib (0.9.15)
    haml (3.0.23)
    jdbc-sqlite3 (3.6.14.2.056-java)
    rack (1.2.1)
    sinatra (1.0)
      rack (>= 1.0)

PLATFORMS
  java
  ruby

DEPENDENCIES
  dm-core
  dm-migrations
  dm-sqlite-adapter
  haml
  sinatra (= 1.0)
